PATH
  remote: .
  specs:
    rumble_tools (0.2.0)
      base64 (~> 0.1)
      google-protobuf (~> 3.22)

GEM
  remote: https://rubygems.org/
  specs:
    base64 (0.2.0)
    diff-lcs (1.6.0)
    google-protobuf (3.25.6)
    google-protobuf (3.25.6-arm64-darwin)
    rake (13.2.1)
    rspec (3.13.0)
      rspec-core (~> 3.13.0)
      rspec-expectations (~> 3.13.0)
      rspec-mocks (~> 3.13.0)
    rspec-core (3.13.3)
      rspec-support (~> 3.13.0)
    rspec-expectations (3.13.3)
      diff-lcs (>= 1.2.0, < 2.0)
      rspec-support (~> 3.13.0)
    rspec-mocks (3.13.2)
      diff-lcs (>= 1.2.0, < 2.0)
      rspec-support (~> 3.13.0)
    rspec-support (3.13.2)

PLATFORMS
  arm64-darwin-24
  ruby

DEPENDENCIES
  rake (~> 13.0)
  rspec (~> 3.0)
  rumble_tools!

RUBY VERSION
   ruby 3.2.6p234

BUNDLED WITH
   2.6.1
